GEM
  remote: https://rubygems.org/
  specs:
    exifr (1.3.5)
    terminal-table (1.8.0)
      unicode-display_width (~> 1.1, >= 1.1.1)
    unicode-display_width (1.4.1)

PLATFORMS
  ruby

DEPENDENCIES
  exifr
  terminal-table

BUNDLED WITH
   1.17.2
